GIT
  remote: git://github.com/willnotwish/rack.git
  revision: d08f14599e309e4e7bdde945e3f8d196341374bf
  branch: master
  specs:
    rack (2.0.1)

GEM
  remote: https://rubygems.org/
  specs:
    minitest (5.11.3)

PLATFORMS
  ruby

DEPENDENCIES
  minitest
  rack!

BUNDLED WITH
   1.16.2
