PATH
  remote: ../../../rack
  specs:
    rack (2.0.1)

GEM
  remote: https://rubygems.org/
  specs:
    minitest (5.11.3)

PLATFORMS
  ruby

DEPENDENCIES
  minitest
  rack!

BUNDLED WITH
   1.16.2
